GEM
  remote: http://rubygems.org/
  specs:
    chronic (0.10.2)
    commander (4.5.0)
      highline (~> 2.0.0)
    crass (1.0.6)
    diff-lcs (1.3)
    highline (2.0.3)
    httparty (0.21.0)
      mini_mime (>= 1.0.0)
      multi_xml (>= 0.5.2)
    mini_mime (1.1.2)
    mini_portile2 (2.4.0)
    multi_xml (0.6.0)
    nokogiri (1.10.8)
      mini_portile2 (~> 2.4.0)
    nokogumbo (2.0.2)
      nokogiri (~> 1.8, >= 1.8.4)
    rake (13.0.1)
    rspec (3.9.0)
      rspec-core (~> 3.9.0)
      rspec-expectations (~> 3.9.0)
      rspec-mocks (~> 3.9.0)
    rspec-core (3.9.1)
      rspec-support (~> 3.9.1)
    rspec-expectations (3.9.0)
      diff-lcs (>= 1.2.0, < 2.0)
      rspec-support (~> 3.9.0)
    rspec-mocks (3.9.1)
      diff-lcs (>= 1.2.0, < 2.0)
      rspec-support (~> 3.9.0)
    rspec-support (3.9.2)
    sanitize (5.1.0)
      crass (~> 1.0.2)
      nokogiri (>= 1.8.0)
      nokogumbo (~> 2.0)

PLATFORMS
  ruby

DEPENDENCIES
  chronic (~> 0.10.2)
  commander (~> 4.5.0)
  httparty (~> 0.21.0)
  nokogiri (~> 1.10.8)
  rake (~> 13.0.1)
  rspec (~> 3.9.0)
  sanitize (~> 5.1.0)

BUNDLED WITH
   2.1.4
